GEM
  remote: https://rubygems.org/
  specs:
    actioncable (7.0.4.2)
      actionpack (= 7.0.4.2)
      activesupport (= 7.0.4.2)
      nio4r (~> 2.0)
      websocket-driver (>= 0.6.1)
    actionmailbox (7.0.4.2)
      actionpack (= 7.0.4.2)
      activejob (= 7.0.4.2)
      activerecord (= 7.0.4.2)
      activestorage (= 7.0.4.2)
      activesupport (= 7.0.4.2)
      mail (>= 2.7.1)
      net-imap
      net-pop
      net-smtp
    actionmailer (7.0.4.2)
      actionpack (= 7.0.4.2)
      actionview (= 7.0.4.2)
      activejob (= 7.0.4.2)
      activesupport (= 7.0.4.2)
      mail (~> 2.5, >= 2.5.4)
      net-imap
      net-pop
      net-smtp
      rails-dom-testing (~> 2.0)
    actionpack (7.0.4.2)
      actionview (= 7.0.4.2)
      activesupport (= 7.0.4.2)
      rack (~> 2.0, >= 2.2.0)
      rack-test (>= 0.6.3)
      rails-dom-testing (~> 2.0)
      rails-html-sanitizer (~> 1.0, >= 1.2.0)
    actiontext (7.0.4.2)
      actionpack (= 7.0.4.2)
      activerecord (= 7.0.4.2)
      activestorage (= 7.0.4.2)
      activesupport (= 7.0.4.2)
      globalid (>= 0.6.0)
      nokogiri (>= 1.8.5)
    actionview (7.0.4.2)
      activesupport (= 7.0.4.2)
      builder (~> 3.1)
      erubi (~> 1.4)
      rails-dom-testing (~> 2.0)
      rails-html-sanitizer (~> 1.1, >= 1.2.0)
    activejob (7.0.4.2)
      activesupport (= 7.0.4.2)
      globalid (>= 0.3.6)
    activemodel (7.0.4.2)
      activesupport (= 7.0.4.2)
    activerecord (7.0.4.2)
      activemodel (= 7.0.4.2)
      activesupport (= 7.0.4.2)
    activestorage (7.0.4.2)
      actionpack (= 7.0.4.2)
      activejob (= 7.0.4.2)
      activerecord (= 7.0.4.2)
      activesupport (= 7.0.4.2)
      marcel (~> 1.0)
      mini_mime (>= 1.1.0)
    activesupport (7.0.4.2)
      concurrent-ruby (~> 1.0, >= 1.0.2)
      i18n (>= 1.6, < 2)
      minitest (>= 5.1)
      tzinfo (~> 2.0)
    addressable (2.8.1)
      public_suffix (>= 2.0.2, < 6.0)
    api-pagination (5.0.0)
    aws-eventstream (1.2.0)
    aws-partitions (1.701.0)
    aws-sdk-core (3.170.0)
      aws-eventstream (~> 1, >= 1.0.2)
      aws-partitions (~> 1, >= 1.651.0)
      aws-sigv4 (~> 1.5)
      jmespath (~> 1, >= 1.6.1)
    aws-sdk-kms (1.62.0)
      aws-sdk-core (~> 3, >= 3.165.0)
      aws-sigv4 (~> 1.1)
    aws-sdk-s3 (1.119.0)
      aws-sdk-core (~> 3, >= 3.165.0)
      aws-sdk-kms (~> 1)
      aws-sigv4 (~> 1.4)
    aws-sigv4 (1.5.2)
      aws-eventstream (~> 1, >= 1.0.2)
    bcrypt (3.1.18)
    bootsnap (1.16.0)
      msgpack (~> 1.2)
    builder (3.2.4)
    byebug (11.1.3)
    concurrent-ruby (1.2.0)
    crass (1.0.6)
    date (3.3.3)
    diff-lcs (1.5.0)
    erubi (1.12.0)
    factory_bot (6.2.1)
      activesupport (>= 5.0.0)
    factory_bot_rails (6.2.0)
      factory_bot (~> 6.2.0)
      railties (>= 5.0.0)
    ffi (1.15.5)
    globalid (1.1.0)
      activesupport (>= 5.0)
    i18n (1.12.0)
      concurrent-ruby (~> 1.0)
    image_processing (1.12.2)
      mini_magick (>= 4.9.5, < 5)
      ruby-vips (>= 2.0.17, < 3)
    jmespath (1.6.2)
    jsonapi-serializer (2.2.0)
      activesupport (>= 4.2)
    jwt (2.7.0)
    jwt_sessions (3.1.0)
      jwt (~> 2.6, < 3)
    launchy (2.5.2)
      addressable (~> 2.8)
    letter_opener (1.8.1)
      launchy (>= 2.2, < 3)
    listen (3.8.0)
      rb-fsevent (~> 0.10, >= 0.10.3)
      rb-inotify (~> 0.9, >= 0.9.10)
    loofah (2.19.1)
      crass (~> 1.0.2)
      nokogiri (>= 1.5.9)
    mail (2.8.0.1)
      mini_mime (>= 0.1.1)
      net-imap
      net-pop
      net-smtp
    marcel (1.0.2)
    method_source (1.0.0)
    mini_magick (4.12.0)
    mini_mime (1.1.2)
    minitest (5.17.0)
    msgpack (1.6.0)
    net-imap (0.3.4)
      date
      net-protocol
    net-pop (0.1.2)
      net-protocol
    net-protocol (0.2.1)
      timeout
    net-smtp (0.3.3)
      net-protocol
    nio4r (2.5.8)
    nokogiri (1.14.0-aarch64-linux)
      racc (~> 1.4)
    nokogiri (1.14.0-x86_64-linux)
      racc (~> 1.4)
    paper_trail (14.0.0)
      activerecord (>= 6.0)
      request_store (~> 1.4)
    pg (1.4.5)
    public_suffix (5.0.1)
    puma (6.1.0)
      nio4r (~> 2.0)
    pundit (2.3.0)
      activesupport (>= 3.0.0)
    racc (1.6.2)
    rack (2.2.6.2)
    rack-cors (1.1.1)
      rack (>= 2.0.0)
    rack-test (2.0.2)
      rack (>= 1.3)
    rails (7.0.4.2)
      actioncable (= 7.0.4.2)
      actionmailbox (= 7.0.4.2)
      actionmailer (= 7.0.4.2)
      actionpack (= 7.0.4.2)
      actiontext (= 7.0.4.2)
      actionview (= 7.0.4.2)
      activejob (= 7.0.4.2)
      activemodel (= 7.0.4.2)
      activerecord (= 7.0.4.2)
      activestorage (= 7.0.4.2)
      activesupport (= 7.0.4.2)
      bundler (>= 1.15.0)
      railties (= 7.0.4.2)
    rails-dom-testing (2.0.3)
      activesupport (>= 4.2.0)
      nokogiri (>= 1.6)
    rails-html-sanitizer (1.5.0)
      loofah (~> 2.19, >= 2.19.1)
    railties (7.0.4.2)
      actionpack (= 7.0.4.2)
      activesupport (= 7.0.4.2)
      method_source
      rake (>= 12.2)
      thor (~> 1.0)
      zeitwerk (~> 2.5)
    rake (13.0.6)
    rb-fsevent (0.11.2)
    rb-inotify (0.10.1)
      ffi (~> 1.0)
    request_store (1.5.1)
      rack (>= 1.4)
    rolify (6.0.1)
    rspec (3.12.0)
      rspec-core (~> 3.12.0)
      rspec-expectations (~> 3.12.0)
      rspec-mocks (~> 3.12.0)
    rspec-core (3.12.0)
      rspec-support (~> 3.12.0)
    rspec-expectations (3.12.2)
      diff-lcs (>= 1.2.0, < 2.0)
      rspec-support (~> 3.12.0)
    rspec-mocks (3.12.3)
      diff-lcs (>= 1.2.0, < 2.0)
      rspec-support (~> 3.12.0)
    rspec-rails (6.0.1)
      actionpack (>= 6.1)
      activesupport (>= 6.1)
      railties (>= 6.1)
      rspec-core (~> 3.11)
      rspec-expectations (~> 3.11)
      rspec-mocks (~> 3.11)
      rspec-support (~> 3.11)
    rspec-support (3.12.0)
    ruby-vips (2.1.4)
      ffi (~> 1.12)
    spring (4.1.1)
    spring-watcher-listen (2.1.0)
      listen (>= 2.7, < 4.0)
      spring (>= 4)
    thor (1.2.1)
    timeout (0.3.1)
    tzinfo (2.0.6)
      concurrent-ruby (~> 1.0)
    websocket-driver (0.7.5)
      websocket-extensions (>= 0.1.0)
    websocket-extensions (0.1.5)
    will_paginate (3.3.1)
    zeitwerk (2.6.6)

PLATFORMS
  aarch64-linux
  x86_64-linux
  x86_64-linux-musl

DEPENDENCIES
  api-pagination
  aws-sdk-s3 (~> 1.119)
  bcrypt
  bootsnap
  byebug
  factory_bot_rails
  image_processing
  jsonapi-serializer
  jwt_sessions
  letter_opener
  listen
  mini_magick
  paper_trail
  pg
  puma
  pundit
  rack-cors
  rails (~> 7.0)
  rolify
  rspec
  rspec-rails
  spring
  spring-watcher-listen
  will_paginate

RUBY VERSION
   ruby 3.2.0p0

BUNDLED WITH
   2.4.1
